GEM
  remote: https://rubygems.org/
  specs:
    pg (0.19.0-x64-mingw32)
    rack (1.6.5)
    rack-protection (1.5.3)
      rack
    sequel (4.41.0)
    sinatra (1.4.7)
      rack (~> 1.5)
      rack-protection (~> 1.4)
      tilt (>= 1.3, < 3)
    tilt (2.0.5)

PLATFORMS
  x64-mingw32

DEPENDENCIES
  pg
  sequel
  sinatra

RUBY VERSION
   ruby 2.3.1p112

BUNDLED WITH
   1.13.6
