GEM
  remote: https://rubygems.org/
  specs:
    backports (3.6.6)
    multi_json (1.11.2)
    pg (0.18.2-x64-mingw32)
    rack (1.6.4)
    rack-protection (1.5.3)
      rack
    rack-test (0.6.3)
      rack (>= 1.0)
    sequel (4.25.0)
    sinatra (1.4.6)
      rack (~> 1.4)
      rack-protection (~> 1.4)
      tilt (>= 1.3, < 3)
    sinatra-contrib (1.4.6)
      backports (>= 2.0)
      multi_json
      rack-protection
      rack-test
      sinatra (~> 1.4.0)
      tilt (>= 1.3, < 3)
    sqlite3 (1.3.10-x64-mingw32)
    tilt (2.0.1)

PLATFORMS
  x64-mingw32

DEPENDENCIES
  pg
  sequel
  sinatra
  sinatra-contrib
  sqlite3

BUNDLED WITH
   1.10.6
